GIT
  remote: http://github.com/kematzy/ffaker.git
  revision: cbe849d
  specs:
    ffaker (0.4.0)

GEM
  remote: http://rubygems.org/
  remote: http://gems.github.com/
  specs:
    abstract (1.0.0)
    actionmailer (3.0.0)
      actionpack (= 3.0.0)
      mail (~> 2.2.5)
    actionpack (3.0.0)
      activemodel (= 3.0.0)
      activesupport (= 3.0.0)
      builder (~> 2.1.2)
      erubis (~> 2.6.6)
      i18n (~> 0.4.1)
      rack (~> 1.2.1)
      rack-mount (~> 0.6.12)
      rack-test (~> 0.5.4)
      tzinfo (~> 0.3.23)
    activemodel (3.0.0)
      activesupport (= 3.0.0)
      builder (~> 2.1.2)
      i18n (~> 0.4.1)
    activerecord (3.0.0)
      activemodel (= 3.0.0)
      activesupport (= 3.0.0)
      arel (~> 1.0.0)
      tzinfo (~> 0.3.23)
    activeresource (3.0.0)
      activemodel (= 3.0.0)
      activesupport (= 3.0.0)
    activesupport (3.0.0)
    arel (1.0.1)
      activesupport (~> 3.0.0)
    bcrypt-ruby (2.1.2)
    builder (2.1.2)
    cancan (1.3.4)
    cancan-permits (0.1.4)
      cancan (~> 1.3.2)
      require_all (~> 1.2.0)
      sugar-high (~> 0.2.10)
    cancan-rest-links (0.1.3)
      cancan (~> 1.3.4)
      r3_plugin_toolbox (~> 0.3.6)
      require_all (~> 1.2.0)
      sugar-high (~> 0.2.10)
    code-spec (0.2.7)
      activesupport (~> 3.0.0)
      require_all (~> 1.2.0)
      sugar-high (~> 0.2.10)
    devise (1.2.0)
      bcrypt-ruby (~> 2.1.2)
      warden (~> 0.10.7)
    devise-links (0.1.5)
      devise (>= 1.1.2)
      r3_plugin_toolbox (~> 0.3.6)
      require_all (~> 1.2.0)
      sugar-high (~> 0.2.10)
    diff-lcs (1.1.2)
    erubis (2.6.6)
      abstract (>= 1.0.0)
    file-spec (0.1.3)
      activesupport (~> 3.0.0)
      require_all (~> 1.2.0)
      rspec (>= 2.0.0.rc)
    generator-spec (0.6.6)
      rails (~> 3.0.0)
      rails-app-spec (~> 0.2.14)
      rails3_artifactor (~> 0.2.5)
      rake (~> 0.8.7)
      require_all (~> 1.2.0)
      rspec (~> 2.0.0.beta.22)
      sugar-high (~> 0.2.10)
      test-unit (~> 2.0.9)
    i18n (0.4.1)
    log4r (1.1.8)
    logging_assist (0.1.5)
      log4r (~> 1.1.8)
      require_all (~> 1.2.0)
      sugar-high (~> 0.2.10)
    mail (2.2.7)
      activesupport (>= 2.3.6)
      mime-types
      treetop (>= 1.4.5)
    migration_assist (0.1.6)
      rails (~> 3.0.0)
      require_all (~> 1.2.0)
    mime-types (1.16)
    mocha (0.9.8)
      rake
    polyglot (0.3.1)
    r3_plugin_toolbox (0.3.15)
      rails (~> 3.0.0)
      require_all (~> 1.2.0)
      sugar-high (~> 0.2.11)
    rack (1.2.1)
    rack-mount (0.6.13)
      rack (>= 1.0.0)
    rack-test (0.5.6)
      rack (>= 1.0)
    rails (3.0.0)
      actionmailer (= 3.0.0)
      actionpack (= 3.0.0)
      activerecord (= 3.0.0)
      activeresource (= 3.0.0)
      activesupport (= 3.0.0)
      bundler (~> 1.0.0)
      railties (= 3.0.0)
    rails-app-spec (0.2.16)
      activesupport (~> 3.0.0)
      code-spec (~> 0.2.5)
      file-spec (~> 0.1.1)
      rails3_artifactor (~> 0.2.5)
      rails3_assist (~> 0.2.10)
      require_all (~> 1.2.0)
      rspec (>= 2.0.0.rc)
      sugar-high (~> 0.2.10)
    rails3_artifactor (0.2.8)
      migration_assist (~> 0.1.4)
      rails3_assist (~> 0.2.10)
      require_all (~> 1.2.0)
      rspec (>= 2.0.0.rc)
      sugar-high (~> 0.2.10)
    rails3_assist (0.2.12)
      activesupport (~> 3.0.0)
      migration_assist (~> 0.1.4)
      require_all (~> 1.2.0)
      sugar-high (~> 0.2.10)
      thor (~> 0.14.0)
    railties (3.0.0)
      actionpack (= 3.0.0)
      activesupport (= 3.0.0)
      rake (>= 0.8.4)
      thor (~> 0.14.0)
    rake (0.8.7)
    require_all (1.2.0)
    rspec (2.0.0.rc)
      rspec-core (= 2.0.0.rc)
      rspec-expectations (= 2.0.0.rc)
      rspec-mocks (= 2.0.0.rc)
    rspec-action_view (0.3.3)
      r3_plugin_toolbox (~> 0.3.13)
      rspec (>= 2.0.0.rc)
    rspec-core (2.0.0.rc)
    rspec-expectations (2.0.0.rc)
      diff-lcs (>= 1.1.2)
    rspec-mocks (2.0.0.rc)
      rspec-core (= 2.0.0.rc)
      rspec-expectations (= 2.0.0.rc)
    sugar-high (0.2.12)
      mocha (~> 0.9.8)
      require_all (~> 1.2.0)
    test-unit (2.0.9)
    thor (0.14.3)
    treetop (1.4.8)
      polyglot (>= 0.3.1)
    tzinfo (0.3.23)
    warden (0.10.7)
      rack (>= 1.0.0)

PLATFORMS
  ruby

DEPENDENCIES
  cancan (~> 1.3.4)
  cancan-permits (~> 0.1.3)
  cancan-rest-links (~> 0.1.3)
  devise (>= 1.1.2)
  devise-links (~> 0.1.4)
  ffaker (~> 0.4.0)!
  generator-spec (~> 0.6.5)
  logging_assist (~> 0.1.3)
  r3_plugin_toolbox (~> 0.3.6)
  rails (~> 3.0.0)
  rails-app-spec (~> 0.2.14)
  rails3_artifactor (~> 0.2.5)
  require_all (~> 1.2.0)
  rspec (>= 2.0.0.rc)
  rspec-action_view (~> 0.3.1)
  sugar-high (~> 0.2.10)
